GIT
  remote: git://github.com/mislav/indextank-rb.git
  revision: 0434c55c6f1bbc2a69842139082e08ac4d5996f4
  branch: faraday-compat
  specs:
    indextank (1.0.8.1)
      faraday
      json_pure (>= 1.4.6)
      yajl-ruby (>= 0.7.7)

GEM
  remote: http://rubygems.org/
  specs:
    activemodel (3.0.5)
      activesupport (= 3.0.5)
      builder (~> 2.1.2)
      i18n (~> 0.4)
    activesupport (3.0.5)
    addressable (2.2.4)
    archive-tar-minitar (0.5.2)
    bson (1.2.4)
    bson_ext (1.2.4)
    builder (2.1.2)
    choices (0.2.4)
      hashie (>= 0.4.0)
    columnize (0.3.2)
    compass (0.10.6)
      haml (>= 3.0.4)
    daemons (1.1.2)
    eventmachine (0.12.10)
    faraday (0.6.0)
      addressable (~> 2.2.4)
      multipart-post (~> 1.1.0)
      rack (>= 1.1.0, < 2)
    faraday-stack (0.1.0)
      faraday (~> 0.6)
    haml (3.0.25)
    hashie (1.0.0)
    i18n (0.5.0)
    json_pure (1.5.1)
    linecache (0.43)
    linecache19 (0.5.11)
      ruby_core_source (>= 0.1.4)
    mingo (0.1.5)
      hashie (>= 0.4.0)
      mongo (>= 1.0)
    mongo (1.2.4)
      bson (>= 1.2.4)
    mongo_ext (0.19.3)
    multipart-post (1.1.0)
    rack (1.2.2)
    ruby-debug (0.10.4)
      columnize (>= 0.1)
      ruby-debug-base (~> 0.10.4.0)
    ruby-debug-base (0.10.4)
      linecache (>= 0.3)
    ruby-debug-base19 (0.11.24)
      columnize (>= 0.3.1)
      linecache19 (>= 0.5.11)
      ruby_core_source (>= 0.1.4)
    ruby-debug19 (0.11.6)
      columnize (>= 0.3.1)
      linecache19 (>= 0.5.11)
      ruby-debug-base19 (>= 0.11.19)
    ruby_core_source (0.1.4)
      archive-tar-minitar (>= 0.5.2)
    shotgun (0.9)
      rack (>= 1.0)
    sinatra (1.2.1)
      rack (~> 1.1)
      tilt (>= 1.2.2, < 2.0)
    thin (1.2.11)
      daemons (>= 1.0.9)
      eventmachine (>= 0.12.6)
      rack (>= 1.0.0)
    tilt (1.2.2)
    will_paginate (3.0.pre2)
    yajl-ruby (0.8.2)

PLATFORMS
  ruby

DEPENDENCIES
  activemodel
  activesupport
  addressable
  bson_ext
  builder
  choices
  compass
  faraday-stack
  haml
  i18n
  indextank!
  mingo
  mongo_ext
  ruby-debug
  ruby-debug19
  shotgun
  sinatra
  thin
  will_paginate (~> 3.0.pre2)
