GEM
  remote: http://rubygems.org/
  specs:
    activemodel (3.0.3)
      activesupport (= 3.0.3)
      builder (~> 2.1.2)
      i18n (~> 0.4)
    activesupport (3.0.3)
    addressable (2.2.2)
    bson (1.1.1)
    bson_ext (1.1.1)
    builder (2.1.2)
    compass (0.10.6)
      haml (>= 3.0.4)
    faraday (0.5.4)
      addressable (~> 2.2.2)
      multipart-post (~> 1.1.0)
      rack (>= 1.1.0, < 2)
    haml (3.0.24)
    hashie (0.4.0)
    i18n (0.5.0)
    indextank (0.0.6)
      faraday
      json_pure (= 1.4.6)
      yajl-ruby (= 0.7.7)
    json_pure (1.4.6)
    mingo (0.1.3)
      hashie (>= 0.4.0)
      mongo (>= 1.0)
    mongo (1.1.1)
      bson (>= 1.1.1)
    mongo_ext (0.19.3)
    multipart-post (1.1.0)
    nibbler (1.2.1)
    rack (1.2.1)
    shotgun (0.8)
      rack (>= 1.0)
    sinatra (1.1.0)
      rack (~> 1.1)
      tilt (~> 1.1)
    tilt (1.1)
    will_paginate (3.0.pre2)
    yajl-ruby (0.7.7)

PLATFORMS
  ruby

DEPENDENCIES
  activemodel
  activesupport
  addressable
  bson_ext
  builder
  compass
  haml
  i18n
  indextank
  mingo
  mongo_ext
  nibbler
  shotgun
  sinatra
  will_paginate (~> 3.0.pre2)
  yajl-ruby
