GIT
  remote: git://github.com/mislav/instagram-ruby.git
  revision: e96f45df91109e5d897b586a06957b18391bdbe1
  branch: dependencies
  specs:
    instagram (0.6.1.pre)
      faraday (~> 0.5.4)
      faraday_middleware (~> 0.3.1)
      hashie (>= 0.4.0)
      multi_json (~> 0.0.5)

GEM
  remote: http://rubygems.org/
  specs:
    activemodel (3.0.3)
      activesupport (= 3.0.3)
      builder (~> 2.1.2)
      i18n (~> 0.4)
    activesupport (3.0.3)
    addressable (2.2.2)
    archive-tar-minitar (0.5.2)
    bson (1.1.1)
    bson_ext (1.1.1)
    builder (2.1.2)
    choices (0.2.4)
      hashie (>= 0.4.0)
    columnize (0.3.2)
    compass (0.10.6)
      haml (>= 3.0.4)
    daemons (1.1.0)
    eventmachine (0.12.10)
    faraday (0.5.4)
      addressable (~> 2.2.2)
      multipart-post (~> 1.1.0)
      rack (>= 1.1.0, < 2)
    faraday_middleware (0.3.2)
      faraday (~> 0.5.4)
    haml (3.0.24)
    hashie (0.4.0)
    i18n (0.5.0)
    indextank (0.0.6)
      faraday
      json_pure (= 1.4.6)
      yajl-ruby (= 0.7.7)
    json_pure (1.4.6)
    linecache (0.43)
    linecache19 (0.5.11)
      ruby_core_source (>= 0.1.4)
    mingo (0.1.3)
      hashie (>= 0.4.0)
      mongo (>= 1.0)
    mongo (1.1.1)
      bson (>= 1.1.1)
    mongo_ext (0.19.3)
    multi_json (0.0.5)
    multipart-post (1.1.0)
    rack (1.2.1)
    ruby-debug (0.10.4)
      columnize (>= 0.1)
      ruby-debug-base (~> 0.10.4.0)
    ruby-debug-base (0.10.4)
      linecache (>= 0.3)
    ruby-debug-base19 (0.11.24)
      columnize (>= 0.3.1)
      linecache19 (>= 0.5.11)
      ruby_core_source (>= 0.1.4)
    ruby-debug19 (0.11.6)
      columnize (>= 0.3.1)
      linecache19 (>= 0.5.11)
      ruby-debug-base19 (>= 0.11.19)
    ruby_core_source (0.1.4)
      archive-tar-minitar (>= 0.5.2)
    shotgun (0.9)
      rack (>= 1.0)
    sinatra (1.1.0)
      rack (~> 1.1)
      tilt (~> 1.1)
    thin (1.2.6)
      daemons (>= 1.0.9)
      eventmachine (>= 0.12.6)
      rack (>= 1.0.0)
    tilt (1.1)
    will_paginate (3.0.pre2)
    yajl-ruby (0.7.7)

PLATFORMS
  ruby

DEPENDENCIES
  activemodel
  activesupport
  addressable
  bson_ext
  builder
  choices
  compass
  haml
  i18n
  indextank
  instagram!
  mingo
  mongo_ext
  ruby-debug
  ruby-debug19
  shotgun
  sinatra
  thin
  will_paginate (~> 3.0.pre2)
