GEM
  remote: http://rubygems.org/
  specs:
    activesupport (3.0.3)
    addressable (2.2.2)
    builder (3.0.0)
    compass (0.10.5)
      haml (>= 3.0.4)
    haml (3.0.24)
    i18n (0.4.1)
    nibbler (1.2.0)
    rack (1.2.1)
    shotgun (0.8)
      rack (>= 1.0)
    sinatra (1.1.0)
      rack (~> 1.1)
      tilt (~> 1.1)
    tilt (1.1)
    yajl-ruby (0.7.8)

PLATFORMS
  ruby

DEPENDENCIES
  activesupport
  addressable
  builder
  compass
  haml
  i18n
  nibbler
  shotgun
  sinatra
  yajl-ruby
