GEM
  remote: http://rubygems.org/
  specs:
    activesupport (3.0.3)
    addressable (2.2.2)
    builder (3.0.0)
    compass (0.10.6)
      haml (>= 3.0.4)
    faraday (0.5.4)
      addressable (~> 2.2.2)
      multipart-post (~> 1.1.0)
      rack (>= 1.1.0, < 2)
    haml (3.0.24)
    i18n (0.5.0)
    indextank (0.0.6)
      faraday
      json_pure (= 1.4.6)
      yajl-ruby (= 0.7.7)
    json_pure (1.4.6)
    multipart-post (1.1.0)
    nibbler (1.2.1)
    rack (1.2.1)
    shotgun (0.8)
      rack (>= 1.0)
    sinatra (1.1.0)
      rack (~> 1.1)
      tilt (~> 1.1)
    tilt (1.1)
    will_paginate (3.0.pre2)
    yajl-ruby (0.7.7)

PLATFORMS
  ruby

DEPENDENCIES
  activesupport
  addressable
  builder
  compass
  haml
  i18n
  indextank
  nibbler
  shotgun
  sinatra
  will_paginate (~> 3.0.pre2)
  yajl-ruby
