GEM
  remote: http://rubygems.org/
  specs:
    addressable (2.2.2)
    nibbler (1.2.0)
    yajl-ruby (0.7.8)

PLATFORMS
  ruby

DEPENDENCIES
  addressable
  nibbler
  yajl-ruby
